PATH
  remote: .
  specs:
    twitchrb (1.2.6)
      faraday (~> 2.0)

GEM
  remote: https://rubygems.org/
  specs:
    dotenv (2.7.6)
    faraday (2.9.0)
      faraday-net_http (>= 2.0, < 3.2)
    faraday-net_http (3.1.0)
      net-http
    minitest (5.15.0)
    net-http (0.4.1)
      uri
    rake (12.3.3)
    uri (0.13.0)

PLATFORMS
  ruby

DEPENDENCIES
  dotenv
  minitest (~> 5.0)
  rake (~> 12.0)
  twitchrb!

BUNDLED WITH
   2.3.21
