PATH
  remote: .
  specs:
    twitchrb (0.2.5)
      faraday (~> 2.0)

GEM
  remote: https://rubygems.org/
  specs:
    dotenv (2.7.6)
    faraday (2.2.0)
      faraday-net_http (~> 2.0)
      ruby2_keywords (>= 0.0.4)
    faraday-net_http (2.0.2)
    minitest (5.15.0)
    rake (12.3.3)
    ruby2_keywords (0.0.5)

PLATFORMS
  ruby

DEPENDENCIES
  dotenv
  minitest (~> 5.0)
  rake (~> 12.0)
  twitchrb!

BUNDLED WITH
   2.3.5
